GIT
  remote: https://github.com/mharris717/rfuse
  revision: 53e11c6c5fe1a46034998c68122289673ba503ee
  branch: osx_bumped_version
  specs:
    rfuse (1.1.2)

GEM
  remote: https://rubygems.org/
  specs:
    rack (1.6.4)
    rack-protection (1.5.3)
      rack
    rfusefs (1.0.3)
      rfuse (~> 1.1)
    sinatra (1.4.7)
      rack (~> 1.5)
      rack-protection (~> 1.4)
      tilt (>= 1.3, < 3)
    tilt (2.0.5)

PLATFORMS
  ruby

DEPENDENCIES
  rfuse!
  rfusefs
  sinatra

BUNDLED WITH
   1.12.5
